GEM
  remote: https://rubygems.org/
  specs:
    awesome_print (1.9.2)

PLATFORMS
  ruby

DEPENDENCIES
  awesome_print

BUNDLED WITH
   2.1.4
