GEM
  remote: https://rubygems.org/
  specs:
    wongi-engine (0.4.0)

PLATFORMS
  ruby

DEPENDENCIES
  wongi-engine

BUNDLED WITH
   2.1.4
